PATH
  remote: .
  specs:
    adsedare (0.1.0)

GEM
  remote: https://rubygems.org/
  specs:
    CFPropertyList (3.0.6)
      rexml
    atomos (0.1.3)
    base64 (0.2.0)
    claide (1.1.0)
    colored2 (3.1.2)
    domain_name (0.5.20190701)
      unf (>= 0.0.5, < 1.0.0)
    faraday (2.8.1)
      base64
      faraday-net_http (>= 2.0, < 3.1)
      ruby2_keywords (>= 0.0.4)
    faraday-cookie_jar (0.0.7)
      faraday (>= 0.8.0)
      http-cookie (~> 1.0.0)
    faraday-net_http (3.0.2)
    http-cookie (1.0.8)
      domain_name (~> 0.5)
    jwt (2.10.1)
      base64
    nanaimo (0.4.0)
    plist (3.2.0)
    rake (13.0.6)
    rexml (3.4.1)
    ruby2_keywords (0.0.5)
    unf (0.2.0)
    xcodeproj (1.27.0)
      CFPropertyList (>= 2.3.3, < 4.0)
      atomos (~> 0.1.3)
      claide (>= 1.0.2, < 2.0)
      colored2 (~> 3.1)
      nanaimo (~> 0.4.0)
      rexml (>= 3.3.6, < 4.0)

PLATFORMS
  arm64-darwin-24

DEPENDENCIES
  adsedare!
  faraday (~> 2.7)
  faraday-cookie_jar (~> 0.0.7)
  jwt (~> 2.7)
  plist (~> 3.2.0)
  rake (~> 13.0)
  xcodeproj (~> 1.27.0)

BUNDLED WITH
   2.4.19
